GEM
  remote: https://rubygems.org/
  specs:
    activesupport (7.1.3.3)
      base64
      bigdecimal
      concurrent-ruby (~> 1.0, >= 1.0.2)
      connection_pool (>= 2.2.5)
      drb
      i18n (>= 1.6, < 2)
      minitest (>= 5.1)
      mutex_m
      tzinfo (~> 2.0)
    addressable (2.8.6)
      public_suffix (>= 2.0.2, < 6.0)
    aws-sdk (1.67.0)
      aws-sdk-v1 (= 1.67.0)
    aws-sdk-v1 (1.67.0)
      json (~> 1.4)
      nokogiri (~> 1)
    base64 (0.2.0)
    bigdecimal (3.1.8)
    cert (0.3.3)
      fastlane_core (>= 0.19.0, < 1.0.0)
      spaceship (>= 0.6.0)
    colored (1.2)
    commander (4.6.0)
      highline (~> 2.0.0)
    concurrent-ruby (1.2.3)
    connection_pool (2.4.1)
    credentials_manager (0.16.4)
      colored
      commander (>= 4.3.5)
      highline (>= 1.7.1)
      security
    deliver (0.13.5)
      credentials_manager (>= 0.3.0)
      excon
      fastimage (~> 1.6.3)
      fastlane_core (>= 0.17.1, < 1.0.0)
      nokogiri (~> 1.6.5)
      plist (~> 3.1)
      rubyzip (~> 1.1.6)
    domain_name (0.5.20190701)
      unf (>= 0.0.5, < 1.0.0)
    dotenv (2.8.1)
    drb (2.2.1)
    excon (0.102.0)
    faraday (0.17.6)
      multipart-post (>= 1.2, < 3)
    faraday-cookie_jar (0.0.7)
      faraday (>= 0.8.0)
      http-cookie (~> 1.0.0)
    faraday_middleware (0.14.0)
      faraday (>= 0.7.4, < 1.0)
    fastimage (1.6.8)
      addressable (~> 2.3, >= 2.3.5)
    fastlane (1.22.0)
      aws-sdk (~> 1.0)
      cert (>= 0.3.1, < 1.0.0)
      credentials_manager (>= 0.7.4, < 1.0.0)
      deliver (>= 0.13.2, < 1.0.0)
      fastlane_core (>= 0.15.0, < 1.0.0)
      frameit (>= 2.2.0, < 3.0.0)
      gym (>= 0.4.5, < 1.0.0)
      krausefx-shenzhen (>= 0.14.5)
      nokogiri (~> 1.6)
      pbxplorer (~> 1.0.0)
      pem (>= 0.7.2, < 1.0.0)
      pilot (>= 0.1.6, < 1.0.0)
      plist (~> 3.1.0)
      produce (>= 0.6.1, < 1.0.0)
      rest-client (~> 1.8.0)
      sigh (>= 0.10.6, < 1.0.0)
      slack-notifier (~> 1.0)
      snapshot (>= 0.9.2, < 1.0.0)
      spaceship (>= 0.5.3, < 1.0.0)
      terminal-notifier (~> 1.6.2)
      terminal-table (~> 1.4.5)
      xcodeproj (~> 0.20)
      xcpretty (>= 0.1.11)
    fastlane_core (0.59.0)
      colored
      commander (>= 4.4.0, <= 5.0.0)
      credentials_manager (>= 0.16.2, < 1.0.0)
      excon (>= 0.45.0, < 1.0)
      gh_inspector (>= 1.0.1, < 2.0.0)
      highline (>= 1.7.2)
      json
      multi_json
      plist (>= 3.1.0, < 4.0.0)
      rubyzip (~> 1.1.6)
      terminal-table (>= 1.4.5, < 2.0.0)
    frameit (2.8.0)
      deliver (> 0.3)
      fastimage (~> 1.6.3)
      fastlane_core (>= 0.52.1, < 1.0.0)
      mini_magick (~> 4.5.1)
    gh_inspector (1.1.3)
    gym (0.9.1)
      fastlane_core (>= 0.22.3, < 1.0.0)
      plist
      rubyzip (>= 1.1.7)
      terminal-table
      xcpretty
    highline (2.0.3)
    http-cookie (1.0.5)
      domain_name (~> 0.5)
    i18n (1.14.5)
      concurrent-ruby (~> 1.0)
    json (1.8.6)
    krausefx-shenzhen (0.14.11)
      commander (>= 4.3, < 5.0)
      dotenv (>= 0.7)
      faraday (~> 0.9)
      faraday_middleware (~> 0.9)
      highline (>= 1.7.2)
      json (~> 1.8)
      net-sftp (~> 2.1.2)
      plist (>= 3.1.0, < 4.0.0)
      rubyzip (~> 1.1)
      security (~> 0.1.3)
      terminal-table (~> 1.4.5)
    mime-types (2.99.3)
    mini_magick (4.5.1)
    mini_portile2 (2.1.0)
    minitest (5.23.1)
    multi_json (1.15.0)
    multi_xml (0.6.0)
    multipart-post (2.4.1)
    mutex_m (0.2.0)
    net-sftp (2.1.2)
      net-ssh (>= 2.6.5)
    net-ssh (7.2.3)
    netrc (0.11.0)
    nokogiri (1.6.8.1)
      mini_portile2 (~> 2.1.0)
    pbxplorer (1.0.0)
    pem (0.8.1)
      fastlane_core (>= 0.19.0, < 1.0.0)
      spaceship (>= 0.11.2)
    pilot (0.3.0)
      credentials_manager (>= 0.3.0)
      fastlane_core (>= 0.16.1, < 1.0.0)
      spaceship (>= 0.12.0, < 1.0.0)
      terminal-table (~> 1.4.5)
    plist (3.1.0)
    produce (0.6.5)
      fastlane_core (>= 0.16.0, < 1.0.0)
      spaceship (>= 0.6.0)
    public_suffix (5.0.3)
    rest-client (1.8.0)
      http-cookie (>= 1.0.2, < 2.0)
      mime-types (>= 1.16, < 3.0)
      netrc (~> 0.7)
    rexml (3.2.8)
      strscan (>= 3.0.9)
    rouge (2.0.7)
    rubyzip (1.1.7)
    security (0.1.3)
    sigh (0.10.9)
      fastlane_core (>= 0.19.0, < 1.0.0)
      plist (~> 3.1)
      spaceship (>= 0.6.0)
    slack-notifier (1.5.1)
    snapshot (0.10.2)
      fastimage (~> 1.6.3)
      fastlane_core (>= 0.16.1, < 1.0.0)
    spaceship (0.38.3)
      colored
      credentials_manager (>= 0.16.0)
      faraday (~> 0.9)
      faraday-cookie_jar (~> 0.0.6)
      faraday_middleware (~> 0.9)
      fastimage (~> 1.6)
      multi_xml (~> 0.5)
      plist (>= 3.1.0, < 4.0.0)
    strscan (3.1.0)
    terminal-notifier (1.6.3)
    terminal-table (1.4.5)
    tzinfo (2.0.6)
      concurrent-ruby (~> 1.0)
    unf (0.1.4)
      unf_ext
    unf_ext (0.0.8.2)
    xcodeproj (0.25.1)
      activesupport (>= 3)
      colored (~> 1.2)
    xcpretty (0.3.0)
      rouge (~> 2.0.7)

PLATFORMS
  ruby
  x86_64-linux

DEPENDENCIES
  fastlane

BUNDLED WITH
   2.4.19
